GEM
  remote: https://rubygems.org/
  specs:
    sequel (5.27.0)

PLATFORMS
  ruby

DEPENDENCIES
  sequel

BUNDLED WITH
   1.17.3
