GEM
  remote: https://rubygems.org/
  specs:
    pg (1.2.3)
    sequel (5.39.0)

PLATFORMS
  ruby

DEPENDENCIES
  pg
  sequel

RUBY VERSION
   ruby 3.0.0p-1

BUNDLED WITH
   2.2.0.rc.2
