GEM
  remote: https://rubygems.org/
  specs:
    pg (1.1.4)
    sequel (5.27.0)

PLATFORMS
  ruby

DEPENDENCIES
  pg
  sequel

BUNDLED WITH
   1.17.3
